PATH
  remote: .
  specs:
    mops-shell (0.0.1)
      iron-extensions
      net-ssh

GEM
  remote: https://rubygems.org/
  specs:
    diff-lcs (1.2.4)
    iron-extensions (1.1.2)
    net-ssh (2.6.7)
    rspec (2.13.0)
      rspec-core (~> 2.13.0)
      rspec-expectations (~> 2.13.0)
      rspec-mocks (~> 2.13.0)
    rspec-core (2.13.1)
    rspec-expectations (2.13.0)
      diff-lcs (>= 1.1.3, < 2.0)
    rspec-mocks (2.13.1)

PLATFORMS
  ruby

DEPENDENCIES
  mops-shell!
  rspec
